GIT
  remote: https://github.com/sinatra/sinatra.git
  revision: 447721528eedc9f47451eaf664b0f460ef0d90fb
  ref: 447721528eedc9f47451
  specs:
    sinatra (1.3.0)
      rack (~> 1.2)
      tilt (>= 1.2.2, < 2.0)

GEM
  remote: http://rubygems.org/
  specs:
    POpen4 (0.1.4)
      Platform (>= 0.4.0)
      open4
    Platform (0.4.0)
    activemodel (3.0.6)
      activesupport (= 3.0.6)
      builder (~> 2.1.2)
      i18n (~> 0.5.0)
    activesupport (3.0.6)
    bson (1.3.0)
    bson_ext (1.3.0)
    builder (2.1.2)
    daemon_controller (0.2.6)
    daemons (1.1.2)
    eventmachine (0.12.10)
    fastthread (1.0.7)
    haml (3.0.25)
    i18n (0.5.0)
    mongo (1.3.0)
      bson (>= 1.3.0)
    mongoid (2.0.1)
      activemodel (~> 3.0)
      mongo (~> 1.3)
      tzinfo (~> 0.3.22)
      will_paginate (~> 3.0.pre)
    nokogiri (1.4.4)
    open4 (1.0.1)
    passenger (3.0.6)
      daemon_controller (>= 0.2.5)
      fastthread (>= 1.0.1)
      rack
      rake (>= 0.8.1)
    rack (1.2.2)
    rack-test (0.5.7)
      rack (>= 1.0)
    rake (0.8.7)
    shotgun (0.9)
      rack (>= 1.0)
    thin (1.2.11)
      daemons (>= 1.0.9)
      eventmachine (>= 0.12.6)
      rack (>= 1.0.0)
    tilt (1.2.2)
    tzinfo (0.3.26)
    will_paginate (3.0.pre2)
    yui-compressor (0.9.6)
      POpen4 (>= 0.1.4)

PLATFORMS
  ruby

DEPENDENCIES
  bson_ext
  haml
  mongoid (~> 2.0)
  nokogiri
  passenger
  rack-test
  shotgun
  sinatra!
  thin
  yui-compressor
