GIT
  remote: git://github.com/gmanley/mongoid.git
  revision: 89f6d3bb1486528ca49b4239751e33676a969702
  specs:
    mongoid (2.0.1)
      activemodel (~> 3.0)
      mongo (~> 1.3)
      tzinfo (~> 0.3.22)
      will_paginate (~> 3.0.pre)

GIT
  remote: git://github.com/sinatra/sinatra.git
  revision: d9380a09834b253dc37f004fb0a7d1cd5679ec95
  specs:
    sinatra (1.3.0)
      rack (~> 1.2)
      tilt (~> 1.3)

GEM
  remote: http://rubygems.org/
  specs:
    POpen4 (0.1.4)
      Platform (>= 0.4.0)
      open4
    Platform (0.4.0)
    activemodel (3.0.7)
      activesupport (= 3.0.7)
      builder (~> 2.1.2)
      i18n (~> 0.5.0)
    activesupport (3.0.7)
    bson (1.3.1)
    bson_ext (1.3.1)
    builder (2.1.2)
    daemon_controller (0.2.6)
    daemons (1.1.3)
    eventmachine (0.12.10)
    fastthread (1.0.7)
    haml (3.1.1)
    i18n (0.5.0)
    mongo (1.3.1)
      bson (>= 1.3.1)
    nokogiri (1.4.4)
    open4 (1.0.1)
    passenger (3.0.7)
      daemon_controller (>= 0.2.5)
      fastthread (>= 1.0.1)
      rack
      rake (>= 0.8.1)
    rack (1.2.2)
    rack-test (0.6.0)
      rack (>= 1.0)
    rake (0.8.7)
    shotgun (0.9)
      rack (>= 1.0)
    thin (1.2.11)
      daemons (>= 1.0.9)
      eventmachine (>= 0.12.6)
      rack (>= 1.0.0)
    tilt (1.3)
    tzinfo (0.3.27)
    will_paginate (3.0.pre2)
    yui-compressor (0.9.6)
      POpen4 (>= 0.1.4)

PLATFORMS
  ruby

DEPENDENCIES
  bson_ext
  haml
  mongoid!
  nokogiri
  passenger
  rack-test
  shotgun
  sinatra!
  thin
  yui-compressor
